GEM
  remote: https://rubygems.org/
  specs:
    minitest (5.3.2)
    mysql2 (0.3.15)

PLATFORMS
  ruby

DEPENDENCIES
  minitest
  mysql2
