GEM
  remote: https://rubygems.org/
  specs:
    colorize (0.7.2)
    minitest (5.3.2)
    mysql2 (0.3.15)

PLATFORMS
  ruby

DEPENDENCIES
  colorize
  minitest
  mysql2
